GEM
  remote: https://rubygems.org/
  specs:
    addressable (2.3.8)
    chunky_png (1.3.4)
    compass (0.12.7)
      chunky_png (~> 1.2)
      fssm (>= 0.2.7)
      sass (~> 3.2.19)
    css_parser (1.3.6)
      addressable
    fssm (0.2.10)
    htmlentities (4.3.4)
    mini_portile (0.6.2)
    nokogiri (1.6.6.2)
      mini_portile (~> 0.6.0)
    premailer (1.8.4)
      css_parser (>= 1.3.6)
      htmlentities (>= 4.0.0)
    sass (3.2.19)
    sass-globbing (1.1.1)
      sass (>= 3.1)

PLATFORMS
  ruby

DEPENDENCIES
  compass (~> 0.12.6)
  nokogiri (~> 1.6.2)
  premailer (~> 1.8.2)
  sass (>= 3.2.19)
  sass-globbing (~> 1.1.0)
